GEM
  remote: http://rubygems.org/
  specs:
    actionmailer (2.3.8)
      actionpack (= 2.3.8)
    actionpack (2.3.8)
      activesupport (= 2.3.8)
      rack (~> 1.1.0)
    activerecord (2.3.8)
      activesupport (= 2.3.8)
    activeresource (2.3.8)
      activesupport (= 2.3.8)
    activesupport (2.3.8)
    awesome_print (0.2.1)
    crack (0.1.8)
    haml (3.0.23)
    hashie (0.4.0)
    hirb (0.3.4)
    httparty (0.6.1)
      crack (= 0.1.8)
    looksee (0.2.1)
    multi_json (0.0.5)
    mysql (2.8.1)
    nifty-generators (0.4.2)
    oauth (0.4.4)
    rack (1.1.0)
    rails (2.3.8)
      actionmailer (= 2.3.8)
      actionpack (= 2.3.8)
      activerecord (= 2.3.8)
      activeresource (= 2.3.8)
      activesupport (= 2.3.8)
      rake (>= 0.8.3)
    rake (0.8.7)
    sketches (0.1.1)
    sqlite3-ruby (1.3.2)
    twitter (0.9.12)
      hashie (~> 0.4.0)
      httparty (~> 0.6.1)
      multi_json (~> 0.0.4)
      oauth (~> 0.4.3)
    wirble (0.1.3)

PLATFORMS
  ruby

DEPENDENCIES
  awesome_print
  haml
  hirb
  looksee
  mysql
  nifty-generators
  rails (= 2.3.8)
  sketches
  sqlite3-ruby
  twitter
  wirble
